GEM
  remote: https://rubygems.org/
  specs:
    coderay (1.1.0)
    curb (0.8.6)
    feedzirra (0.2.2)
      curb (~> 0.8.1)
      loofah (~> 1.2.1)
      nokogiri (~> 1.6.0)
      sax-machine (~> 0.2.1)
    htmlentities (4.3.2)
    loofah (1.2.1)
      nokogiri (>= 1.4.4)
    method_source (0.8.2)
    mini_portile (0.6.1)
    nokogiri (1.6.5)
      mini_portile (~> 0.6.0)
    pry (0.10.1)
      coderay (~> 1.1.0)
      method_source (~> 0.8.1)
      slop (~> 3.4)
    sax-machine (0.2.1)
      nokogiri (~> 1.6.0)
    sequel (4.17.0)
    slop (3.6.0)
    thor (0.19.1)

PLATFORMS
  ruby

DEPENDENCIES
  feedzirra (~> 0.2.0)
  htmlentities
  pry
  sequel
  thor
