GEM
  remote: https://rubygems.org/
  specs:
    coderay (1.1.0)
    feedzirra (0.8.0)
    htmlentities (4.3.2)
    method_source (0.8.2)
    pry (0.10.1)
      coderay (~> 1.1.0)
      method_source (~> 0.8.1)
      slop (~> 3.4)
    sequel (4.17.0)
    slop (3.6.0)
    thor (0.19.1)

PLATFORMS
  ruby

DEPENDENCIES
  feedzirra
  htmlentities
  pry
  sequel
  thor
